GEM
  remote: https://rubygems.org/
  specs:
    ast (2.4.0)
    blueprinter (0.20.0)
    diff-lcs (1.3)
    jaro_winkler (1.5.3)
    parallel (1.18.0)
    parser (2.6.5.0)
      ast (~> 2.4.0)
    rack (2.0.8)
    rainbow (3.0.0)
    rake (13.0.0)
    roda (3.25.0)
      rack
    rspec (3.9.0)
      rspec-core (~> 3.9.0)
      rspec-expectations (~> 3.9.0)
      rspec-mocks (~> 3.9.0)
    rspec-core (3.9.0)
      rspec-support (~> 3.9.0)
    rspec-expectations (3.9.0)
      diff-lcs (>= 1.2.0, < 2.0)
      rspec-support (~> 3.9.0)
    rspec-mocks (3.9.0)
      diff-lcs (>= 1.2.0, < 2.0)
      rspec-support (~> 3.9.0)
    rspec-support (3.9.0)
    rubocop (0.76.0)
      jaro_winkler (~> 1.5.1)
      parallel (~> 1.10)
      parser (>= 2.6)
      rainbow (>= 2.2.2, < 4.0)
      ruby-progressbar (~> 1.7)
      unicode-display_width (>= 1.4.0, < 1.7)
    rubocop-rspec (1.36.0)
      rubocop (>= 0.68.1)
    ruby-progressbar (1.10.1)
    unicode-display_width (1.6.0)

PLATFORMS
  ruby

DEPENDENCIES
  blueprinter (>= 0.20)
  rake (>= 13.0)
  roda (>= 3.25)
  rspec (>= 3.9)
  rubocop (>= 0.76)
  rubocop-rspec (>= 1.36)

RUBY VERSION
   ruby 2.6.5p114

BUNDLED WITH
   1.17.3
